GIT
  remote: git://github.com/louismrose/ruby-gmail.git
  revision: aa923c622db7f161a36149d5485585b0c63caf92
  specs:
    ruby-gmail (0.2.0)
      mail (>= 2.2.1)
      shared-mime-info

GEM
  remote: http://gemcutter.org/
  specs:
    activesupport (3.0.6)
    crack (0.1.6)
    diff-lcs (1.1.2)
    hashie (0.2.2)
    httparty (0.5.2)
      crack (= 0.1.6)
    i18n (0.5.0)
    mail (2.2.15)
      activesupport (>= 2.3.6)
      i18n (>= 0.4.0)
      mime-types (~> 1.16)
      treetop (~> 1.4.8)
    mime-types (1.16)
    oauth (0.4.4)
    polyglot (0.3.1)
    rack (1.2.2)
    rspec (2.0.0.beta.19)
      rspec-core (= 2.0.0.beta.19)
      rspec-expectations (= 2.0.0.beta.19)
      rspec-mocks (= 2.0.0.beta.19)
    rspec-core (2.0.0.beta.19)
    rspec-expectations (2.0.0.beta.19)
      diff-lcs (>= 1.1.2)
    rspec-mocks (2.0.0.beta.19)
    shared-mime-info (0.1)
    sinatra (1.0)
      rack (>= 1.0)
    treetop (1.4.9)
      polyglot (>= 0.3.1)
    twitter (0.9.7)
      hashie (~> 0.2.0)
      httparty (~> 0.5.0)
      oauth (>= 0.3.5)
      yajl-ruby (~> 0.7.0)
    yajl-ruby (0.7.9)

PLATFORMS
  ruby

DEPENDENCIES
  rspec (= 2.0.0.beta.19)
  ruby-gmail!
  sinatra (= 1.0)
  twitter (= 0.9.7)
