GIT
  remote: git://github.com/louismrose/ruby-gmail.git
  revision: 27f96e8
  specs:
    ruby-gmail (0.2.0)
      mail (>= 2.2.1)
      shared-mime-info

GEM
  remote: http://gemcutter.org/
  specs:
    activesupport (2.3.8)
    crack (0.1.6)
    hashie (0.2.2)
    httparty (0.5.2)
      crack (= 0.1.6)
    mail (2.2.5)
      activesupport (>= 2.3.6)
      mime-types
      treetop (>= 1.4.5)
    mime-types (1.16)
    oauth (0.4.1)
    polyglot (0.3.1)
    rack (1.2.1)
    shared-mime-info (0.1)
    sinatra (1.0)
      rack (>= 1.0)
    treetop (1.4.8)
      polyglot (>= 0.3.1)
    twitter (0.9.7)
      hashie (~> 0.2.0)
      httparty (~> 0.5.0)
      oauth (>= 0.3.5)
      yajl-ruby (~> 0.7.0)
    yajl-ruby (0.7.7)

PLATFORMS
  ruby

DEPENDENCIES
  ruby-gmail!
  sinatra (= 1.0)
  twitter (= 0.9.7)
